GIT
  remote: git://github.com/chicks/devise_aes_encryptable.git
  revision: 8e49678093d7dfa6ec3a465b689401aa51af3f12
  specs:
    devise_aes_encryptable (0.2.3)
      aes (>= 0.4.0)
      devise (>= 1.1.3)
      rails (>= 3)

GIT
  remote: git://github.com/mongoid/mongoid.git
  revision: 140f31f776cd8340aa223bf900eac2c436079039
  specs:
    mongoid (2.2.0)
      activemodel (~> 3.0)
      mongo (~> 1.3)
      tzinfo (~> 0.3.22)

GIT
  remote: https://github.com/cucumber/cucumber-rails.git
  revision: 23e98e52beebbe96b285e6f64d6c7afd721d7d4d
  specs:
    cucumber-rails (1.0.3)
      capybara (>= 1.1.1)
      cucumber (~> 1.0.4)
      nokogiri (>= 1.5.0)

GIT
  remote: https://github.com/cucumber/cucumber.git
  revision: c41ac46812c9315a174da747d5aa98f4be340c1e
  specs:
    cucumber (1.0.4)
      builder (>= 2.1.2)
      diff-lcs (>= 1.1.2)
      gherkin (~> 2.4.18)
      json (>= 1.4.6)
      term-ansicolor (>= 1.0.6)

GEM
  remote: http://rubygems.org/
  specs:
    actionmailer (3.1.0.rc8)
      actionpack (= 3.1.0.rc8)
      mail (~> 2.3.0)
    actionpack (3.1.0.rc8)
      activemodel (= 3.1.0.rc8)
      activesupport (= 3.1.0.rc8)
      builder (~> 3.0.0)
      erubis (~> 2.7.0)
      i18n (~> 0.6)
      rack (~> 1.3.2)
      rack-cache (~> 1.0.3)
      rack-mount (~> 0.8.2)
      rack-test (~> 0.6.1)
      sprockets (~> 2.0.0.beta.15)
    activemodel (3.1.0.rc8)
      activesupport (= 3.1.0.rc8)
      bcrypt-ruby (~> 3.0.0)
      builder (~> 3.0.0)
      i18n (~> 0.6)
    activerecord (3.1.0.rc8)
      activemodel (= 3.1.0.rc8)
      activesupport (= 3.1.0.rc8)
      arel (~> 2.2.1)
      tzinfo (~> 0.3.29)
    activeresource (3.1.0.rc8)
      activemodel (= 3.1.0.rc8)
      activesupport (= 3.1.0.rc8)
    activesupport (3.1.0.rc8)
      multi_json (~> 1.0)
    aes (0.4.0)
    archive-tar-minitar (0.5.2)
    arel (2.2.1)
    bcrypt-ruby (3.0.0)
    bson (1.3.1)
    bson_ext (1.3.1)
    builder (3.0.0)
    capybara (1.1.1)
      mime-types (>= 1.16)
      nokogiri (>= 1.3.3)
      rack (>= 1.0.0)
      rack-test (>= 0.5.4)
      selenium-webdriver (~> 2.0)
      xpath (~> 0.1.4)
    childprocess (0.2.2)
      ffi (~> 1.0.6)
    coffee-script (2.2.0)
      coffee-script-source
      execjs
    coffee-script-source (1.1.2)
    columnize (0.3.4)
    database_cleaner (0.6.7)
    devise (1.4.5)
      bcrypt-ruby (~> 3.0)
      orm_adapter (~> 0.0.3)
      warden (~> 1.0.3)
    diff-lcs (1.1.3)
    erubis (2.7.0)
    execjs (1.2.4)
      multi_json (~> 1.0)
    fabrication (1.1.0)
    factory_girl (2.1.0)
    factory_girl_rails (1.2.0)
      factory_girl (~> 2.1.0)
      railties (>= 3.0.0)
    ffi (1.0.9)
    gherkin (2.4.18)
      json (>= 1.4.6)
    handlebars_assets (0.1.1)
      execjs
      tilt
    hike (1.2.1)
    i18n (0.6.0)
    jquery-rails (1.0.14)
      railties (~> 3.0)
      thor (~> 0.14)
    json (1.5.4)
    json_pure (1.5.4)
      spruz (~> 0.2.8)
    linecache19 (0.5.12)
      ruby_core_source (>= 0.1.4)
    mail (2.3.0)
      i18n (>= 0.4.0)
      mime-types (~> 1.16)
      treetop (~> 1.4.8)
    mime-types (1.16)
    mongo (1.3.1)
      bson (>= 1.3.1)
    mongoid-rspec (1.4.4)
      mongoid (~> 2.0)
      rspec (~> 2)
    multi_json (1.0.3)
    net-ldap (0.2.2)
    nokogiri (1.5.0)
    orm_adapter (0.0.5)
    polyglot (0.3.2)
    rack (1.3.2)
    rack-cache (1.0.3)
      rack (>= 0.4)
    rack-mount (0.8.3)
      rack (>= 1.0.0)
    rack-ssl (1.3.2)
      rack
    rack-test (0.6.1)
      rack (>= 1.0)
    rails (3.1.0.rc8)
      actionmailer (= 3.1.0.rc8)
      actionpack (= 3.1.0.rc8)
      activerecord (= 3.1.0.rc8)
      activeresource (= 3.1.0.rc8)
      activesupport (= 3.1.0.rc8)
      bundler (~> 1.0)
      railties (= 3.1.0.rc8)
    railties (3.1.0.rc8)
      actionpack (= 3.1.0.rc8)
      activesupport (= 3.1.0.rc8)
      rack-ssl (~> 1.3.2)
      rake (>= 0.8.7)
      rdoc (~> 3.4)
      thor (~> 0.14.6)
    rake (0.9.2)
    rdoc (3.9.4)
    redis (2.2.2)
    redis-namespace (1.0.3)
      redis (< 3.0.0)
    resque (1.19.0)
      multi_json (~> 1.0)
      redis-namespace (~> 1.0.2)
      sinatra (>= 0.9.2)
      vegas (~> 0.1.2)
    rspec (2.6.0)
      rspec-core (~> 2.6.0)
      rspec-expectations (~> 2.6.0)
      rspec-mocks (~> 2.6.0)
    rspec-core (2.6.4)
    rspec-expectations (2.6.0)
      diff-lcs (~> 1.1.2)
    rspec-mocks (2.6.0)
    rspec-rails (2.6.1)
      actionpack (~> 3.0)
      activesupport (~> 3.0)
      railties (~> 3.0)
      rspec (~> 2.6.0)
    ruby-debug-base19 (0.11.25)
      columnize (>= 0.3.1)
      linecache19 (>= 0.5.11)
      ruby_core_source (>= 0.1.4)
    ruby-debug19 (0.11.6)
      columnize (>= 0.3.1)
      linecache19 (>= 0.5.11)
      ruby-debug-base19 (>= 0.11.19)
    ruby_core_source (0.1.5)
      archive-tar-minitar (>= 0.5.2)
    rubyzip (0.9.4)
    sass (3.1.7)
    selenium-webdriver (2.5.0)
      childprocess (>= 0.2.1)
      ffi (>= 1.0.7)
      json_pure
      rubyzip
    shoulda-matchers (1.0.0.beta3)
    sinatra (1.2.6)
      rack (~> 1.1)
      tilt (< 2.0, >= 1.2.2)
    sprockets (2.0.0)
      hike (~> 1.2)
      rack (~> 1.0)
      tilt (!= 1.3.0, ~> 1.1)
    spruz (0.2.13)
    term-ansicolor (1.0.6)
    thor (0.14.6)
    tilt (1.3.3)
    treetop (1.4.10)
      polyglot
      polyglot (>= 0.3.1)
    tzinfo (0.3.29)
    uglifier (1.0.3)
      execjs (>= 0.3.0)
      multi_json (>= 1.0.2)
    vegas (0.1.8)
      rack (>= 1.0.0)
    warden (1.0.5)
      rack (>= 1.0)
    xpath (0.1.4)
      nokogiri (~> 1.3)

PLATFORMS
  ruby

DEPENDENCIES
  bson_ext
  capybara
  coffee-script
  cucumber!
  cucumber-rails!
  database_cleaner
  devise
  devise_aes_encryptable!
  fabrication
  factory_girl_rails
  handlebars_assets
  jquery-rails
  mongoid!
  mongoid-rspec
  net-ldap
  rails (= 3.1.0.rc8)
  resque
  rspec-rails
  ruby-debug19
  sass
  shoulda-matchers
  sprockets
  uglifier
